GEM
  remote: https://rubygems.org/
  specs:
    addressable (2.3.8)
    cookiejar (0.3.2)
    daemons (1.1.9)
    em-http-request (1.1.2)
      addressable (>= 2.3.4)
      cookiejar
      em-socksify (>= 0.3)
      eventmachine (>= 1.0.3)
      http_parser.rb (>= 0.6.0)
    em-socksify (0.3.0)
      eventmachine (>= 1.0.0.beta.4)
    eventmachine (1.0.8)
    haml (4.0.6)
      tilt
    http_parser.rb (0.6.0)
    json (1.8.2)
    keen (0.9.2)
      addressable (~> 2.3.5)
      multi_json (~> 1.3)
    macaddr (1.7.1)
      systemu (~> 2.6.2)
    mime-types (2.4.3)
    minitest (5.5.1)
    multi_json (1.11.2)
    netrc (0.10.2)
    rack (1.6.0)
    rack-protection (1.5.3)
      rack
    rest-client (1.7.2)
      mime-types (>= 1.16, < 3.0)
      netrc (~> 0.7)
    roda (2.5.1)
      rack
    systemu (2.6.5)
    thin (1.6.2)
      daemons (>= 1.0.9)
      eventmachine (>= 1.0.0)
      rack (>= 1.0.0)
    tilt (2.0.1)
    uuid (2.3.7)
      macaddr (~> 1.0)

PLATFORMS
  ruby

DEPENDENCIES
  em-http-request (~> 1.1)
  haml (~> 4.0)
  json (~> 1.8)
  keen (~> 0.9)
  minitest (~> 5.5)
  rack-protection (~> 1.5)
  rest-client (~> 1.7)
  roda (~> 2.5)
  thin (~> 1.6)
  tilt (~> 2.0)
  uuid (~> 2.3)
