GEM
  remote: https://rubygems.org/
  specs:
    hobbit (0.6.0)
      rack
    json (1.8.2)
    macaddr (1.7.1)
      systemu (~> 2.6.2)
    mime-types (2.4.3)
    minitest (5.5.1)
    netrc (0.10.2)
    puma (2.11.1)
      rack (>= 1.1, < 2.0)
    rack (1.6.0)
    rack-protection (1.5.3)
      rack
    rest-client (1.7.2)
      mime-types (>= 1.16, < 3.0)
      netrc (~> 0.7)
    systemu (2.6.5)
    uuid (2.3.7)
      macaddr (~> 1.0)

PLATFORMS
  ruby

DEPENDENCIES
  hobbit (~> 0.6)
  json (~> 1.8)
  minitest (~> 5.5)
  puma (~> 2.11)
  rack-protection (~> 1.5)
  rest-client (~> 1.7)
  uuid (~> 2.3)
